RESTRICTION: == net452
NUGET
  remote: https://api.nuget.org/v3/index.json
    FAKE (4.63)
    NLog (4.4.12)
    NSubstitute (2.0.3)
    NUnit (2.6.4)
    NUnit.Runners (2.6.4)
